GEM
  remote: https://rubygems.org/
  specs:
    rpi_gpio (0.3.3)

PLATFORMS
  ruby

DEPENDENCIES
  rpi_gpio

RUBY VERSION
   ruby 2.5.5p157

BUNDLED WITH
   2.0.2
